GEM
  remote: https://rubygems.org/
  specs:
    addressable (2.3.3)
    multi_json (1.3.7)
    promise (0.3.0)
    rack (1.4.5)
    rack-protection (1.5.0)
      rack
    serialport (1.1.0)
    simple_oauth (0.1.9)
    sinatra (1.3.6)
      rack (~> 1.4)
      rack-protection (~> 1.3)
      tilt (~> 1.3, >= 1.3.3)
    thor (0.16.0)
    tilt (1.3.6)
    tumblr-rb (2.0.0)
      sinatra (~> 1.3.2)
      thor (~> 0.16.0)
      weary (~> 1.1.0)
    weary (1.1.2)
      addressable (~> 2.3.2)
      multi_json (~> 1.3.0)
      promise (~> 0.3.0)
      rack (~> 1.4.0)
      simple_oauth (~> 0.1.5)

PLATFORMS
  ruby

DEPENDENCIES
  serialport
  tumblr-rb
